GEM
  remote: https://rubygems.org/
  specs:
    builder (2.1.2)
    json (1.8.3)
    mini_portile2 (2.0.0)
    nokogiri (1.6.7.2)
      mini_portile2 (~> 2.0.0.rc2)
    pips3-api (0.2.0)
      builder (= 2.1.2)
      nokogiri
    rack (1.6.4)
    rack-protection (1.5.3)
      rack
    rake (11.0.1)
    shotgun (0.9.1)
      rack (>= 1.0)
    sinatra (1.4.7)
      rack (~> 1.5)
      rack-protection (~> 1.4)
      tilt (>= 1.3, < 3)
    tilt (2.0.2)

PLATFORMS
  ruby

DEPENDENCIES
  json
  nokogiri
  pips3-api (~> 0.2.0)
  rake
  shotgun
  sinatra

BUNDLED WITH
   1.11.2
