GIT
  remote: git@github.com:bbc/ruby-pips3-api.git
  revision: 05c4127f7c5e38d466585f9d6f1e7be626857f9c
  specs:
    pips3-api (0.1.1)
      builder (= 2.1.2)
      nokogiri

GEM
  remote: https://rubygems.org/
  specs:
    builder (2.1.2)
    json (1.8.3)
    mini_portile2 (2.0.0)
    nokogiri (1.6.7.1)
      mini_portile2 (~> 2.0.0.rc2)
    rack (1.6.4)
    rack-protection (1.5.3)
      rack
    rake (10.4.2)
    shotgun (0.9.1)
      rack (>= 1.0)
    sinatra (1.4.6)
      rack (~> 1.4)
      rack-protection (~> 1.4)
      tilt (>= 1.3, < 3)
    tilt (2.0.1)

PLATFORMS
  ruby

DEPENDENCIES
  json
  nokogiri
  pips3-api!
  rake
  shotgun
  sinatra

BUNDLED WITH
   1.11.2
