GIT
  remote: git@github.com:bbc/ruby-pips3-api.git
  revision: 818063586158fccee33e69ab23e6273b9ba057af
  specs:
    pips3-api (0.1.1)
      builder (= 2.1.2)
      nokogiri

GEM
  remote: https://rubygems.org/
  specs:
    builder (2.1.2)
    json (1.8.3)
    mini_portile2 (2.0.0)
    nokogiri (1.6.7.2)
      mini_portile2 (~> 2.0.0.rc2)
    rack (1.6.4)
    rack-protection (1.5.3)
      rack
    rake (11.0.1)
    shotgun (0.9.1)
      rack (>= 1.0)
    sinatra (1.4.7)
      rack (~> 1.5)
      rack-protection (~> 1.4)
      tilt (>= 1.3, < 3)
    tilt (2.0.2)

PLATFORMS
  ruby

DEPENDENCIES
  json
  nokogiri
  pips3-api!
  rake
  shotgun
  sinatra

BUNDLED WITH
   1.11.2
